PATH
  remote: .
  specs:
    fakes (0.1.0)
      sinatra (~> 1.4.4)

GEM
  remote: https://rubygems.org/
  specs:
    rack (1.5.5)
    rack-protection (1.5.1)
      rack
    rake (10.4.2)
    sinatra (1.4.6)
      rack (~> 1.4)
      rack-protection (~> 1.4)
      tilt (>= 1.3, < 3)
    tilt (1.4.1)

PLATFORMS
  ruby

DEPENDENCIES
  bundler (~> 1.9)
  fakes!
  rake (~> 10.0)
